GEM
  remote: https://rubygems.org/
  specs:
    liquid (4.0.0)

PLATFORMS
  x64-mingw32

DEPENDENCIES
  liquid!

BUNDLED WITH
   1.16.1
